GEM
  remote: https://rubygems.org/
  specs:
    capistrano (3.3.5)
      capistrano-stats (~> 1.1.0)
      i18n
      rake (>= 10.0.0)
      sshkit (~> 1.3)
    capistrano-passenger (0.0.2)
      capistrano (~> 3.0)
    capistrano-stats (1.1.1)
    colorize (0.7.5)
    dotenv (0.10.0)
    foreman (0.63.0)
      dotenv (>= 0.7)
      thor (>= 0.13.6)
    i18n (0.7.0)
    net-scp (1.2.1)
      net-ssh (>= 2.6.5)
    net-ssh (2.9.2)
    rack (1.5.2)
    rack-protection (1.5.2)
      rack
    rake (10.4.2)
    sinatra (1.4.4)
      rack (~> 1.4)
      rack-protection (~> 1.4)
      tilt (~> 1.3, >= 1.3.4)
    sshkit (1.7.1)
      colorize (>= 0.7.0)
      net-scp (>= 1.1.2)
      net-ssh (>= 2.8.0)
    thor (0.18.1)
    tilt (1.4.1)

PLATFORMS
  ruby

DEPENDENCIES
  capistrano (~> 3.3.0)
  capistrano-passenger
  foreman
  sinatra
